PATH
  remote: .
  specs:
    send_to_kindle_jp (0.0.1)

GEM
  remote: https://rubygems.org/
  specs:
    Ascii85 (1.0.2)
    afm (0.2.2)
    coderay (1.1.1)
    docsplit (0.7.6)
    hashery (2.1.2)
    mail (2.6.4)
      mime-types (>= 1.16, < 4)
    method_source (0.8.2)
    mime-types (3.1)
      mime-types-data (~> 3.2015)
    mime-types-data (3.2016.0521)
    pdf-reader (1.4.0)
      Ascii85 (~> 1.0.0)
      afm (~> 0.2.1)
      hashery (~> 2.0)
      ruby-rc4
      ttfunk
    pry (0.10.4)
      coderay (~> 1.1.0)
      method_source (~> 0.8.1)
      slop (~> 3.4)
    rake (10.5.0)
    rmagick (2.16.0)
    ruby-rc4 (0.1.5)
    slop (3.6.0)
    ttfunk (1.4.0)

PLATFORMS
  ruby

DEPENDENCIES
  bundler (~> 1.11)
  docsplit (= 0.7.6)
  mail (~> 2.6.4)
  pdf-reader (~> 1.4.0)
  pry
  rake (~> 10.0)
  rmagick (~> 2.16.0)
  send_to_kindle_jp!

BUNDLED WITH
   1.11.2
