PATH
  remote: .
  specs:
    send_to_kindle_jp (0.0.1)

GEM
  remote: https://rubygems.org/
  specs:
    rake (10.5.0)

PLATFORMS
  ruby

DEPENDENCIES
  bundler (~> 1.11)
  rake (~> 10.0)
  send_to_kindle_jp!

BUNDLED WITH
   1.11.2
